GEM
  remote: https://rubygems.org/
  specs:
    builder (3.2.3)
    daemons (1.2.4)
    dotenv (2.2.0)
    eventmachine (1.2.3)
    faraday (0.12.0.1)
      multipart-post (>= 1.2, < 3)
    jwt (1.5.6)
    metaclass (0.0.4)
    minitest (5.8.5)
    mocha (1.2.1)
      metaclass (~> 0.0.1)
    multi_json (1.12.1)
    multipart-post (2.0.0)
    rack (1.6.5)
    rack-protection (1.5.3)
      rack
    rack-test (0.6.3)
      rack (>= 1.0)
    rake (12.0.0)
    sinatra (1.4.8)
      rack (~> 1.5)
      rack-protection (~> 1.4)
      tilt (>= 1.3, < 3)
    slim (3.0.7)
      temple (~> 0.7.6)
      tilt (>= 1.3.3, < 2.1)
    temple (0.7.7)
    thin (1.7.0)
      daemons (~> 1.0, >= 1.0.9)
      eventmachine (~> 1.0, >= 1.0.4)
      rack (>= 1, < 3)
    tilt (2.0.7)
    twilio-ruby (4.11.1)
      builder (>= 2.1.2)
      jwt (~> 1.0)
      multi_json (>= 1.3.0)

PLATFORMS
  ruby

DEPENDENCIES
  dotenv
  faraday
  minitest
  mocha
  rack-test
  rake
  sinatra
  slim
  thin
  twilio-ruby (~> 4.11.1)

BUNDLED WITH
   1.14.6
